GEM
  specs:
    concurrent-ruby (1.0.5)
    parallel (1.12.1)

PLATFORMS
  ruby

DEPENDENCIES
  concurrent-ruby
  parallel

BUNDLED WITH
   1.16.1
